GEM
  remote: http://rubygems.org/
  specs:
    activesupport (2.3.11)
    bcrypt-ruby (2.1.4)
    bson (1.2.4)
    bson_ext (1.2.4)
    compass (0.10.6)
      haml (>= 3.0.4)
    durran-validatable (2.0.1)
    haml (3.0.25)
    i18n (0.5.0)
    mail (2.2.15)
      activesupport (>= 2.3.6)
      i18n (>= 0.4.0)
      mime-types (~> 1.16)
      treetop (~> 1.4.8)
    mime-types (1.16)
    mongo (1.2.4)
      bson (>= 1.2.4)
    mongoid (1.9.5)
      activesupport (< 3.0.0)
      bson (~> 1.2.1)
      durran-validatable (>= 2.0.1)
      mongo (~> 1.2.1)
      will_paginate (< 2.9)
    polyglot (0.3.1)
    rack (1.2.1)
    rack-flash (0.1.1)
      rack
    sinatra (1.2.0)
      rack (~> 1.1)
      tilt (>= 1.2.2, < 2.0)
    tilt (1.2.2)
    treetop (1.4.9)
      polyglot (>= 0.3.1)
    warden (1.0.3)
      rack (>= 1.0.0)
    will_paginate (2.3.15)

PLATFORMS
  ruby

DEPENDENCIES
  bcrypt-ruby
  bson_ext
  compass
  haml
  mail
  mongo
  mongoid (>= 1.9.5)
  rack-flash
  sinatra
  warden
